GEM
  remote: http://rubygems.org/
  specs:
    autotest (4.3.2)
    autotest-growl (0.2.5)
    awesome_print (0.2.1)
    diff-lcs (1.1.2)
    rspec (2.0.0.beta.22)
      rspec-core (= 2.0.0.beta.22)
      rspec-expectations (= 2.0.0.beta.22)
      rspec-mocks (= 2.0.0.beta.22)
    rspec-core (2.0.0.beta.22)
    rspec-expectations (2.0.0.beta.22)
      diff-lcs (>= 1.1.2)
    rspec-mocks (2.0.0.beta.22)
      rspec-core (= 2.0.0.beta.22)
      rspec-expectations (= 2.0.0.beta.22)

PLATFORMS
  ruby

DEPENDENCIES
  autotest
  autotest-growl
  awesome_print
  rspec (>= 2.0.0.beta.22)
